GEM
  remote: http://rubygems.org/
  specs:
    activemodel (3.2.3)
      activesupport (= 3.2.3)
      builder (~> 3.0.0)
    activerecord (3.2.3)
      activemodel (= 3.2.3)
      activesupport (= 3.2.3)
      arel (~> 3.0.2)
      tzinfo (~> 0.3.29)
    activesupport (3.2.3)
      i18n (~> 0.6)
      multi_json (~> 1.0)
    addressable (2.2.7)
    arel (3.0.2)
    backports (2.5.1)
    bcrypt-ruby (3.0.1)
    bcrypt-ruby (3.0.1-java)
    builder (3.0.0)
    dnssd (2.0)
    eventmachine (0.12.10)
    eventmachine (0.12.10-java)
    ffi (1.0.11-java)
    i18n (0.6.0)
    json (1.5.0)
    json (1.5.0-java)
    kgio (2.7.4)
    launchy (2.1.0)
      addressable (~> 2.2.6)
    launchy (2.1.0-java)
      addressable (~> 2.2.6)
      ffi (~> 1.0.9)
      spoon (~> 0.0.1)
    multi_json (1.2.0)
    rack (1.4.1)
    rack-protection (1.2.0)
      rack
    rack-test (0.6.1)
      rack (>= 1.0)
    raindrops (0.8.0)
    sass (3.1.15)
    sinatra (1.3.2)
      rack (~> 1.3, >= 1.3.6)
      rack-protection (~> 1.2)
      tilt (~> 1.3, >= 1.3.3)
    sinatra-contrib (1.3.1)
      backports (>= 2.0)
      eventmachine
      rack-protection
      rack-test
      sinatra (~> 1.3.0)
      tilt (~> 1.3)
    spoon (0.0.1)
    sqlite3 (1.3.5)
    tilt (1.3.3)
    tzinfo (0.3.32)
    unicorn (4.2.1)
      kgio (~> 2.6)
      rack
      raindrops (~> 0.7)
    warden (1.1.1)
      rack (>= 1.0)

PLATFORMS
  java
  ruby

DEPENDENCIES
  activerecord
  bcrypt-ruby
  dnssd
  json
  launchy
  sass
  sinatra
  sinatra-contrib
  sqlite3
  unicorn
  warden
